PATH
  remote: .
  specs:
    testfu (1.0.0)
      minitest (>= 3.0)

GEM
  remote: https://rubygems.org/
  specs:
    appraisal (2.4.0)
      bundler
      rake
      thor (>= 0.14.0)
    minitest (4.7.4)
    rake (11.3.0)
    rr (1.2.0)
    thor (1.1.0)

PLATFORMS
  ruby

DEPENDENCIES
  appraisal
  rake (~> 11.0)
  rr
  testfu!

BUNDLED WITH
   1.17.3
